GEM
  remote: https://rubygems.org/
  specs:
    activesupport (3.2.8)
      i18n (~> 0.6)
      multi_json (~> 1.0)
    capistrano (2.5.21)
      highline
      net-scp (>= 1.0.0)
      net-sftp (>= 2.0.0)
      net-ssh (>= 2.0.14)
      net-ssh-gateway (>= 1.0.0)
    concurrent-ruby (1.1.6)
    highline (2.0.3)
    i18n (0.9.5)
      concurrent-ruby (~> 1.0)
    multi_json (1.14.1)
    net-scp (3.0.0)
      net-ssh (>= 2.6.5, < 7.0.0)
    net-sftp (2.1.2)
      net-ssh (>= 2.6.5)
    net-ssh (2.7.0)
    net-ssh-gateway (1.3.0)
      net-ssh (>= 2.6.5)
    sprinkle (0.4.2)
      activesupport (>= 2.0.2)
      capistrano (>= 2.5.5)
      highline (>= 1.4.0)

PLATFORMS
  ruby

DEPENDENCIES
  activesupport (= 3.2.8)
  capistrano (= 2.5.21)
  net-ssh (= 2.7.0)
  sprinkle (= 0.4.2)

BUNDLED WITH
   1.10.4
